STORAGE: NONE
NUGET
  remote: https://api.nuget.org/v3/index.json
    IntelliFactory.Xml (0.6.64.1)
  remote: https://nuget.intellifactory.com/nuget
    WebSharper (4.2.2.226-beta)
    WebSharper.FSharp (4.2.2.226-beta)
      WebSharper (4.2.2.226-beta)
    WebSharper.Html (4.2.0.122-beta)
      IntelliFactory.Xml (>= 0.6.64 < 0.7)
      WebSharper (>= 4.2.2-beta < 4.3.0-beta)
    WebSharper.Reactive (4.2.0.108-beta)
      WebSharper (>= 4.2.2-beta < 4.3.0-beta)

GROUP build
RESTRICTION: == net45
NUGET
  remote: https://api.nuget.org/v3/index.json
    Chessie (0.6)
      FSharp.Core
    FAKE (4.64.4)
    FSharp.Compiler.Tools (4.1.34)
    FSharp.Core (4.3.4)
    Mono.Cecil (0.10.0-beta7)
    Newtonsoft.Json (10.0.3)
    Paket.Core (5.122.3)
      Chessie (>= 0.6)
      FSharp.Compiler.Tools
      FSharp.Core
      Mono.Cecil (>= 0.10.0-beta6)
      Newtonsoft.Json

GROUP wsbuild

GIT
  remote: https://github.com/dotnet-websharper/build-script
     (b325ab20b6449f09d40bfe85b555cea362b228e9)