STORAGE: NONE
NUGET
  remote: https://api.nuget.org/v3/index.json
    IntelliFactory.Xml (0.6.64.1)
    WebSharper (4.4.1.288)
    WebSharper.FSharp (4.4.1.288)
      WebSharper (4.4.1.288)
    WebSharper.Html (4.4.0.140)
      IntelliFactory.Xml (>= 0.6.64 < 0.7)
      WebSharper (>= 4.4 < 4.5)
    WebSharper.Reactive (4.4.0.126)
      WebSharper (>= 4.4 < 4.5)

GROUP build
RESTRICTION: == net45
NUGET
  remote: https://api.nuget.org/v3/index.json
    Chessie (0.6)
      FSharp.Core
    FAKE (5.3)
    FSharp.Compiler.Tools (10.0.2)
    FSharp.Core (4.5.2)
    Mono.Cecil (0.10)
    Newtonsoft.Json (11.0.2)
    Paket.Core (5.141)
      Chessie (>= 0.6)
      FSharp.Compiler.Tools
      FSharp.Core
      Mono.Cecil (>= 0.10.0-beta6)
      Newtonsoft.Json

GROUP wsbuild

GIT
  remote: https://github.com/dotnet-websharper/build-script
     (ba0f9d10f68ae96f0784f07548863a3c0bb1ee6f)